GEM
  remote: https://rubygems.org/
  specs:
    json (1.8.3)
    oj (2.14.5)

PLATFORMS
  ruby

DEPENDENCIES
  json
  oj

BUNDLED WITH
   1.11.2
