GEM
  remote: https://rubygems.org/
  specs:
    json (1.8.3)
    mini_portile2 (2.0.0)
    nokogiri (1.6.7.2)
      mini_portile2 (~> 2.0.0.rc2)
    oj (2.14.5)

PLATFORMS
  ruby

DEPENDENCIES
  json
  nokogiri
  oj

BUNDLED WITH
   1.11.2
