PATH
  remote: /Users/frankevers/Code/github/tinify/tinify-ruby
  specs:
    tinify (1.2.0)
      httpclient (~> 2.6)

GEM
  remote: https://rubygems.org/
  specs:
    httpclient (2.7.0.1)

PLATFORMS
  ruby

DEPENDENCIES
  tinify!

BUNDLED WITH
   1.10.6
